GEM
  remote: https://rubygems.org/
  specs:
    certified (1.0.0)
    httpclient (2.8.0)
    mini_portile2 (2.1.0)
    nokogiri (1.6.8)
      mini_portile2 (~> 2.1.0)
      pkg-config (~> 1.1.7)
    nokogiri (1.6.8-x64-mingw32)
      mini_portile2 (~> 2.1.0)
      pkg-config (~> 1.1.7)
    pkg-config (1.1.7)

PLATFORMS
  ruby
  x64-mingw32

DEPENDENCIES
  certified
  httpclient
  nokogiri

BUNDLED WITH
   1.12.5
